GEM
  remote: https://rubygems.org/
  specs:
    artifice (0.6)
      rack-test
    atomic (1.0.1)
    avl_tree (1.1.3)
    diff-lcs (1.1.3)
    hitimes (1.1.1)
    metriks (0.9.9.2)
      atomic (~> 1.0)
      avl_tree (~> 1.1.2)
      hitimes (~> 1.1)
    metriks-middleware (1.3.0)
      metriks (~> 0.9.9)
    pg (0.14.1)
    puma (1.6.3)
      rack (~> 1.2)
    rack (1.4.1)
    rack-protection (1.2.0)
      rack
    rack-test (0.6.2)
      rack (>= 1.0)
    rake (0.9.2.2)
    rspec-core (2.11.1)
    rspec-expectations (2.11.3)
      diff-lcs (~> 1.1.3)
    sequel (3.43.0)
    sinatra (1.3.3)
      rack (~> 1.3, >= 1.3.6)
      rack-protection (~> 1.2)
      tilt (~> 1.3, >= 1.3.3)
    tilt (1.3.3)

PLATFORMS
  ruby

DEPENDENCIES
  artifice
  metriks-middleware
  pg
  puma
  rack-test
  rake
  rspec-core
  rspec-expectations
  sequel
  sinatra
