GEM
  remote: https://rubygems.org/
  specs:
    artifice (0.6)
      rack-test
    diff-lcs (1.2.1)
    pg (0.14.1)
    puma (1.6.3)
      rack (~> 1.2)
    rack (1.5.2)
    rack-protection (1.3.2)
      rack
    rack-test (0.6.2)
      rack (>= 1.0)
    rake (10.0.3)
    rspec-core (2.13.0)
    rspec-expectations (2.13.0)
      diff-lcs (>= 1.1.3, < 2.0)
    sequel (3.44.0)
    sinatra (1.3.5)
      rack (~> 1.4)
      rack-protection (~> 1.3)
      tilt (~> 1.3, >= 1.3.3)
    tilt (1.3.3)

PLATFORMS
  ruby

DEPENDENCIES
  artifice
  pg
  puma
  rack-test
  rake
  rspec-core
  rspec-expectations
  sequel
  sinatra
