GEM
  remote: https://rubygems.org/
  specs:
    artifice (0.6)
      rack-test
    celluloid (0.16.0)
      timers (~> 4.0.0)
    concurrent-ruby (0.7.0)
    connection_pool (2.0.0)
    diff-lcs (1.2.1)
    hitimes (1.2.2)
    json (1.8.1)
    pg (0.14.1)
    puma (1.6.3)
      rack (~> 1.2)
    rack (1.5.2)
    rack-protection (1.3.2)
      rack
    rack-test (0.6.2)
      rack (>= 1.0)
    rake (10.0.3)
    redis (3.1.0)
    redis-namespace (1.5.1)
      redis (~> 3.0, >= 3.0.4)
    rspec-core (2.13.0)
    rspec-expectations (2.13.0)
      diff-lcs (>= 1.1.3, < 2.0)
    sequel (3.44.0)
    sidekiq (3.2.3)
      celluloid (>= 0.15.2)
      connection_pool (>= 2.0.0)
      json
      redis (>= 3.0.6)
      redis-namespace (>= 1.3.1)
    sinatra (1.3.5)
      rack (~> 1.4)
      rack-protection (~> 1.3)
      tilt (~> 1.3, >= 1.3.3)
    tilt (1.3.3)
    timers (4.0.0)
      hitimes

PLATFORMS
  ruby

DEPENDENCIES
  artifice
  concurrent-ruby
  pg
  puma
  rack-test
  rake
  rspec-core
  rspec-expectations
  sequel
  sidekiq
  sinatra
